GEM
  remote: https://rubygems.org/
  specs:
    addressable (2.4.0)
    descendants_tracker (0.0.4)
      thread_safe (~> 0.3, >= 0.3.1)
    faraday (0.9.2)
      multipart-post (>= 1.2, < 3)
    github_api (0.17.0)
      addressable (~> 2.4.0)
      descendants_tracker (~> 0.0.4)
      faraday (~> 0.8, < 0.10)
      hashie (>= 3.4)
      mime-types (>= 1.16, < 3.0)
      oauth2 (~> 1.0)
    hashie (3.5.5)
    jwt (1.5.6)
    mime-types (2.99.3)
    multi_json (1.12.1)
    multi_xml (0.6.0)
    multipart-post (2.0.0)
    oauth2 (1.4.0)
      faraday (>= 0.8, < 0.13)
      jwt (~> 1.0)
      multi_json (~> 1.3)
      multi_xml (~> 0.5)
      rack (>= 1.2, < 3)
    rack (2.0.3)
    slack-notifier (1.5.1)
    thread_safe (0.3.6)

PLATFORMS
  ruby

DEPENDENCIES
  github_api (~> 0.17.0)
  slack-notifier (~> 1.5.1)

BUNDLED WITH
   1.16.2
